GIT
  remote: https://github.com/Roman2K/metacli.git
  revision: 3eb064e27e1e7b2a19280199b1e76e49ccdda634
  specs:
    metacli (0.1.0)

GIT
  remote: https://github.com/Roman2K/utils-ruby.git
  revision: da95c1878ac895bbdc153912fcac8f5131bdaa6e
  specs:
    utils-ruby (0.1.0)

GEM
  remote: https://rubygems.org/
  specs:
    coderay (1.1.2)
    method_source (0.9.2)
    minitest (5.14.0)
    pry (0.12.2)
      coderay (~> 1.1.0)
      method_source (~> 0.9.0)

PLATFORMS
  ruby

DEPENDENCIES
  metacli!
  minitest
  pry
  utils-ruby!

BUNDLED WITH
   2.1.4
